PATH
  remote: /Users/don/Projects/nanoc
  specs:
    nanoc (4.7.12)
      cri (~> 2.8)
      ddplugin (~> 1.0)
      hamster (~> 3.0)
      ref (~> 2.0)

GEM
  remote: https://rubygems.org/
  specs:
    adsf (1.2.1)
      rack (>= 1.0.0)
    coderay (1.1.1)
    colored (1.2)
    concurrent-ruby (1.0.5)
    cri (2.8.0)
      colored (~> 1.2)
    ddplugin (1.0.1)
    ffi (1.9.18)
    formatador (0.2.5)
    guard (2.14.1)
      formatador (>= 0.2.4)
      listen (>= 2.7, < 4.0)
      lumberjack (~> 1.0)
      nenv (~> 0.1)
      notiffany (~> 0.0)
      pry (>= 0.9.12)
      shellany (~> 0.0)
      thor (>= 0.18.1)
    guard-compat (1.2.1)
    guard-nanoc (2.1.2)
      guard (~> 2.8)
      guard-compat (~> 1.0)
      nanoc (>= 4.3.8, < 5.0)
    hamster (3.0.0)
      concurrent-ruby (~> 1.0)
    listen (3.1.5)
      rb-fsevent (~> 0.9, >= 0.9.4)
      rb-inotify (~> 0.9, >= 0.9.7)
      ruby_dep (~> 1.2)
    lumberjack (1.0.11)
    method_source (0.8.2)
    mini_portile2 (2.2.0)
    nenv (0.3.0)
    nokogiri (1.8.0)
      mini_portile2 (~> 2.2.0)
    notiffany (0.1.1)
      nenv (~> 0.1)
      shellany (~> 0.0)
    pandoc-ruby (2.0.1)
    pry (0.10.4)
      coderay (~> 1.1.0)
      method_source (~> 0.8.1)
      slop (~> 3.4)
    rack (2.0.1)
    rb-fsevent (0.9.8)
    rb-inotify (0.9.8)
      ffi (>= 0.5.0)
    ref (2.0.0)
    ruby_dep (1.5.0)
    sass (3.4.23)
    shellany (0.0.1)
    slop (3.6.0)
    terminal-notifier (1.7.1)
    terminal-notifier-guard (1.6.4)
    thor (0.19.4)

PLATFORMS
  ruby

DEPENDENCIES
  adsf
  guard-nanoc
  nanoc!
  nokogiri
  pandoc-ruby
  sass
  terminal-notifier
  terminal-notifier-guard

BUNDLED WITH
   1.15.1
